GEM
  remote: https://rubygems.org/
  specs:
    bundler-audit (0.6.0)
      bundler (~> 1.2)
      thor (~> 0.18)
    thor (0.20.0)

PLATFORMS
  ruby

DEPENDENCIES
  bundler-audit (~> 0.6.0)

BUNDLED WITH
   1.16.2
