GEM
  specs:
    hike (1.2.3)
    multi_json (1.11.2)
    rack (1.4.7)
      hike (~> 1.2)
      multi_json (~> 1.0)
      rack (~> 1.0)
      tilt (~> 1.1, != 1.3.0)
    tilt (1.4.1)

PLATFORMS
  ruby

BUNDLED WITH
   1.11.2
